GIT
  remote: git://github.com/edpaget/doorkeeper.git
  revision: a387cf0c67120053af9e820786074ce6611cff53
  specs:
    doorkeeper (1.3.0)
      railties (>= 3.1)

GIT
  remote: git://github.com/jruby/activerecord-jdbc-adapter.git
  revision: d3efc9188e1f2077112e85ecaec539df5e9974ad
  specs:
    activerecord-jdbc-adapter (1.3.8.dev)
      activerecord (>= 2.2)
    activerecord-jdbcpostgresql-adapter (1.3.8.dev)
      activerecord-jdbc-adapter (~> 1.3.8.dev)
      jdbc-postgres (>= 9.1)

GEM
  remote: https://rubygems.org/
  specs:
    actionmailer (4.1.1)
      actionpack (= 4.1.1)
      actionview (= 4.1.1)
      mail (~> 2.5.4)
    actionpack (4.1.1)
      actionview (= 4.1.1)
      activesupport (= 4.1.1)
      rack (~> 1.5.2)
      rack-test (~> 0.6.2)
    actionview (4.1.1)
      activesupport (= 4.1.1)
      builder (~> 3.1)
      erubis (~> 2.7.0)
    activemodel (4.1.1)
      activesupport (= 4.1.1)
      builder (~> 3.1)
    activerecord (4.1.1)
      activemodel (= 4.1.1)
      activesupport (= 4.1.1)
      arel (~> 5.0.0)
    activerecord-jdbcmysql-adapter (1.3.7)
      activerecord-jdbc-adapter (~> 1.3.7)
      jdbc-mysql (>= 5.1.22)
    activesupport (4.1.1)
      i18n (~> 0.6, >= 0.6.9)
      json (~> 1.7, >= 1.7.7)
      minitest (~> 5.1)
      thread_safe (~> 0.1)
      tzinfo (~> 1.1)
    arel (5.0.1.20140414130214)
    bcrypt (3.1.7)
    bcrypt (3.1.7-java)
    builder (3.2.2)
    cellect-client (0.0.6)
      celluloid (= 0.16.0.pre)
      celluloid-io (= 0.16.0.pre)
      http (~> 0.6)
      zk (~> 1.9)
    celluloid (0.16.0.pre)
      timers (~> 2.0.0)
    celluloid-io (0.16.0.pre)
      celluloid (>= 0.16.0.pre)
      nio4r (>= 1.0.0)
    coderay (1.1.0)
    coffee-rails (4.0.1)
      coffee-script (>= 2.2.0)
      railties (>= 4.0.0, < 5.0)
    coffee-script (2.2.0)
      coffee-script-source
      execjs
    coffee-script-source (1.7.0)
    database_cleaner (1.2.0)
    devise (3.2.4)
      bcrypt (~> 3.0)
      orm_adapter (~> 0.1)
      railties (>= 3.2.6, < 5)
      thread_safe (~> 0.1)
      warden (~> 1.2.3)
    diff-lcs (1.2.5)
    erubis (2.7.0)
    execjs (2.2.0)
    factory_girl (4.4.0)
      activesupport (>= 3.0.0)
    factory_girl_rails (4.4.1)
      factory_girl (~> 4.4.0)
      railties (>= 3.0.0)
    ffi (1.9.3)
    ffi (1.9.3-java)
    formatador (0.2.5)
    guard (2.6.1)
      formatador (>= 0.2.4)
      listen (~> 2.7)
      lumberjack (~> 1.0)
      pry (>= 0.9.12)
      thor (>= 0.18.1)
    guard-rspec (4.2.10)
      guard (~> 2.1)
      rspec (>= 2.14, < 4.0)
    hike (1.2.3)
    hitimes (1.2.1)
    hitimes (1.2.1-java)
    http (0.6.1)
      http_parser.rb (~> 0.6.0)
    http_parser.rb (0.6.0)
    http_parser.rb (0.6.0-java)
    i18n (0.6.9)
    jbuilder (2.1.1)
      activesupport (>= 3.0.0, < 5)
      multi_json (~> 1.2)
    jdbc-mysql (5.1.28)
    jdbc-postgres (9.3.1100)
    jquery-rails (3.1.1)
      railties (>= 3.0, < 5.0)
      thor (>= 0.14, < 2.0)
    json (1.8.1)
    json (1.8.1-java)
    json-patch (1.0.0)
    kaminari (0.15.1)
      actionpack (>= 3.0.0)
      activesupport (>= 3.0.0)
    libv8 (3.16.14.3)
    listen (2.7.9)
      celluloid (>= 0.15.2)
      rb-fsevent (>= 0.9.3)
      rb-inotify (>= 0.9)
    little-plugger (1.1.3)
    logging (1.8.2)
      little-plugger (>= 1.1.3)
      multi_json (>= 1.8.4)
    lumberjack (1.0.7)
    mail (2.5.4)
      mime-types (~> 1.16)
      treetop (~> 1.4.8)
    method_source (0.8.2)
    mime-types (1.25.1)
    minitest (5.3.5)
    multi_json (1.10.1)
    mysql2 (0.3.16)
    nio4r (1.0.0)
    nio4r (1.0.0-java)
    orm_adapter (0.5.0)
    paper_trail (3.0.2)
      activerecord (>= 3.0, < 5.0)
      activesupport (>= 3.0, < 5.0)
    pg (0.17.1)
    polyglot (0.3.5)
    protected_attributes (1.0.8)
      activemodel (>= 4.0.1, < 5.0)
    pry (0.10.0)
      coderay (~> 1.1.0)
      method_source (~> 0.8.1)
      slop (~> 3.4)
    pry (0.10.0-java)
      coderay (~> 1.1.0)
      method_source (~> 0.8.1)
      slop (~> 3.4)
      spoon (~> 0.0)
    pry-rails (0.3.2)
      pry (>= 0.9.10)
    pundit (0.2.3)
      activesupport (>= 3.0.0)
    rack (1.5.2)
    rack-cors (0.2.9)
    rack-test (0.6.2)
      rack (>= 1.0)
    rails (4.1.1)
      actionmailer (= 4.1.1)
      actionpack (= 4.1.1)
      actionview (= 4.1.1)
      activemodel (= 4.1.1)
      activerecord (= 4.1.1)
      activesupport (= 4.1.1)
      bundler (>= 1.3.0, < 2.0)
      railties (= 4.1.1)
      sprockets-rails (~> 2.0)
    railties (4.1.1)
      actionpack (= 4.1.1)
      activesupport (= 4.1.1)
      rake (>= 0.8.7)
      thor (>= 0.18.1, < 2.0)
    rake (10.3.2)
    rb-fsevent (0.9.4)
    rb-inotify (0.9.5)
      ffi (>= 0.5.0)
    rdoc (4.1.1)
      json (~> 1.4)
    ref (1.0.5)
    restpack_serializer (0.4.27)
      activerecord (>= 4.0.3, < 5.0)
      activesupport (>= 4.0.3, < 5.0)
      kaminari (~> 0.15.1)
      protected_attributes (~> 1.0.5)
    rolify (3.4.0)
    rspec (3.0.0)
      rspec-core (~> 3.0.0)
      rspec-expectations (~> 3.0.0)
      rspec-mocks (~> 3.0.0)
    rspec-core (3.0.2)
      rspec-support (~> 3.0.0)
    rspec-expectations (3.0.2)
      diff-lcs (>= 1.2.0, < 2.0)
      rspec-support (~> 3.0.0)
    rspec-mocks (3.0.2)
      rspec-support (~> 3.0.0)
    rspec-rails (3.0.1)
      actionpack (>= 3.0)
      activesupport (>= 3.0)
      railties (>= 3.0)
      rspec-core (~> 3.0.0)
      rspec-expectations (~> 3.0.0)
      rspec-mocks (~> 3.0.0)
      rspec-support (~> 3.0.0)
    rspec-support (3.0.2)
    sass (3.2.19)
    sass-rails (4.0.3)
      railties (>= 4.0.0, < 5.0)
      sass (~> 3.2.0)
      sprockets (~> 2.8, <= 2.11.0)
      sprockets-rails (~> 2.0)
    sdoc (0.4.0)
      json (~> 1.8)
      rdoc (~> 4.0, < 5.0)
    slop (3.5.0)
    slyphon-log4j (1.2.15)
    slyphon-zookeeper_jar (3.3.5-java)
    spoon (0.0.4)
      ffi
    spring (1.1.3)
    spring-commands-rspec (1.0.2)
      spring (>= 0.9.1)
    sprockets (2.11.0)
      hike (~> 1.2)
      multi_json (~> 1.0)
      rack (~> 1.0)
      tilt (~> 1.1, != 1.3.0)
    sprockets-rails (2.1.3)
      actionpack (>= 3.0)
      activesupport (>= 3.0)
      sprockets (~> 2.8)
    therubyracer (0.12.1)
      libv8 (~> 3.16.14.0)
      ref
    therubyrhino (2.0.3)
      therubyrhino_jar (>= 1.7.3)
    therubyrhino_jar (1.7.4)
    thor (0.19.1)
    thread_safe (0.3.4)
    thread_safe (0.3.4-java)
    tilt (1.4.1)
    timers (2.0.0)
      hitimes
    treetop (1.4.15)
      polyglot
      polyglot (>= 0.3.1)
    turbolinks (2.2.2)
      coffee-rails
    tzinfo (1.2.1)
      thread_safe (~> 0.1)
    uglifier (2.5.1)
      execjs (>= 0.3.0)
      json (>= 1.8.0)
    versionist (1.3.0)
      rails (>= 3)
      yard (~> 0.7)
    warden (1.2.3)
      rack (>= 1.0)
    yard (0.8.7.4)
    zk (1.9.4)
      logging (~> 1.8.2)
      zookeeper (~> 1.4.0)
    zookeeper (1.4.8)
    zookeeper (1.4.8-java)
      slyphon-log4j (= 1.2.15)
      slyphon-zookeeper_jar (= 3.3.5)

PLATFORMS
  java
  ruby

DEPENDENCIES
  activerecord-jdbcmysql-adapter
  activerecord-jdbcpostgresql-adapter!
  cellect-client (~> 0.0.6)
  coffee-rails (~> 4.0.0)
  database_cleaner (~> 1.2.0)
  devise
  doorkeeper!
  factory_girl_rails (~> 4.4.1)
  guard-rspec (~> 4.2.9)
  jbuilder (~> 2.0)
  jquery-rails
  json-patch (~> 1.0.0)
  mysql2
  paper_trail
  pg
  pry-rails (~> 0.3.2)
  pundit
  rack-cors
  rails (= 4.1.1)
  restpack_serializer
  rolify
  rspec (~> 3.0.0)
  rspec-rails (~> 3.0.0)
  sass-rails (~> 4.0.3)
  sdoc (~> 0.4.0)
  spring
  spring-commands-rspec (~> 1.0.2)
  therubyracer
  therubyrhino
  turbolinks
  uglifier (>= 1.3.0)
  versionist
