GIT
  remote: git://github.com/edpaget/restpack_serializer.git
  revision: 31a51c84a1634a3047e7c07b109772a6dc731762
  branch: dev
  specs:
    restpack_serializer (0.5.6)
      activerecord (>= 4.0.3, < 5.0)
      activesupport (>= 4.0.3, < 5.0)
      kaminari (~> 0.16.1)

GIT
  remote: git://github.com/joekiller/jruby-kafka.git
  revision: 2bcf09f84d1a50e3a8d0aa65bc7cc102bded3f1b
  specs:
    jruby-kafka (0.2.1-java)
      jbundler (>= 0.5)

GEM
  remote: https://rubygems.org/
  specs:
    actionmailer (4.1.7)
      actionpack (= 4.1.7)
      actionview (= 4.1.7)
      mail (~> 2.5, >= 2.5.4)
    actionpack (4.1.7)
      actionview (= 4.1.7)
      activesupport (= 4.1.7)
      rack (~> 1.5.2)
      rack-test (~> 0.6.2)
    actionview (4.1.7)
      activesupport (= 4.1.7)
      builder (~> 3.1)
      erubis (~> 2.7.0)
    activemodel (4.1.7)
      activesupport (= 4.1.7)
      builder (~> 3.1)
    activerecord (4.1.7)
      activemodel (= 4.1.7)
      activesupport (= 4.1.7)
      arel (~> 5.0.0)
    activerecord-jdbc-adapter (1.3.11)
      activerecord (>= 2.2)
    activerecord-jdbcmysql-adapter (1.3.11)
      activerecord-jdbc-adapter (~> 1.3.11)
      jdbc-mysql (>= 5.1.22)
    activerecord-jdbcpostgresql-adapter (1.3.11)
      activerecord-jdbc-adapter (~> 1.3.11)
      jdbc-postgres (>= 9.1)
    activesupport (4.1.7)
      i18n (~> 0.6, >= 0.6.9)
      json (~> 1.7, >= 1.7.7)
      minitest (~> 5.1)
      thread_safe (~> 0.1)
      tzinfo (~> 1.1)
    arel (5.0.1.20140414130214)
    aws-sdk (1.58.0)
      aws-sdk-v1 (= 1.58.0)
    aws-sdk-v1 (1.58.0)
      json (~> 1.4)
      nokogiri (>= 1.4.4)
    axiom-types (0.1.1)
      descendants_tracker (~> 0.0.4)
      ice_nine (~> 0.11.0)
      thread_safe (~> 0.3, >= 0.3.1)
    bcrypt (3.1.9)
    bcrypt (3.1.9-java)
    builder (3.2.2)
    cellect-client (0.1.1)
      celluloid (= 0.16.0)
      celluloid-io (= 0.16.0)
      http (~> 0.6)
      multi_json (~> 1.10.1)
      zk (~> 1.9)
    celluloid (0.16.0)
      timers (~> 4.0.0)
    celluloid-io (0.16.0)
      celluloid (>= 0.16.0)
      nio4r (>= 1.0.0)
    coderay (1.1.0)
    coercible (1.0.0)
      descendants_tracker (~> 0.0.1)
    connection_pool (2.0.0)
    database_cleaner (1.2.0)
    descendants_tracker (0.0.4)
      thread_safe (~> 0.3, >= 0.3.1)
    devise (3.4.1)
      bcrypt (~> 3.0)
      orm_adapter (~> 0.1)
      railties (>= 3.2.6, < 5)
      responders
      thread_safe (~> 0.1)
      warden (~> 1.2.3)
    diff-lcs (1.2.5)
    doorkeeper (1.4.1)
      railties (>= 3.1)
    dotenv (0.11.1)
      dotenv-deployment (~> 0.0.2)
    dotenv-deployment (0.0.2)
    equalizer (0.0.9)
    erubis (2.7.0)
    execjs (2.2.2)
    factory_girl (4.4.0)
      activesupport (>= 3.0.0)
    factory_girl_rails (4.4.1)
      factory_girl (~> 4.4.0)
      railties (>= 3.0.0)
    faraday (0.9.0)
      multipart-post (>= 1.2, < 3)
    ffi (1.9.6)
    ffi (1.9.6-java)
    foreman (0.75.0)
      dotenv (~> 0.11.1)
      thor (~> 0.19.1)
    form_data (0.1.0)
    formatador (0.2.5)
    guard (2.8.2)
      formatador (>= 0.2.4)
      listen (~> 2.7)
      lumberjack (~> 1.0)
      pry (>= 0.9.12)
      thor (>= 0.18.1)
    guard-rspec (4.2.10)
      guard (~> 2.1)
      rspec (>= 2.14, < 4.0)
    hashie (3.3.1)
    hike (1.2.3)
    hitimes (1.2.2)
    hitimes (1.2.2-java)
    honeybadger (1.16.5)
      json
    http (0.7.1)
      form_data (~> 0.1.0)
      http_parser.rb (~> 0.6.0)
    http_parser.rb (0.6.0)
    http_parser.rb (0.6.0-java)
    i18n (0.7.0)
    ice_nine (0.11.1)
    jar-dependencies (0.1.7)
    jbundler (0.7.2)
      bundler (~> 1.5)
      jar-dependencies (~> 0.1.7)
      maven-tools (~> 1.0.6)
      ruby-maven (>= 3.1.1.0.6, < 3.1.2)
    jdbc-mysql (5.1.33)
    jdbc-postgres (9.3.1102)
    jquery-rails (3.1.2)
      railties (>= 3.0, < 5.0)
      thor (>= 0.14, < 2.0)
    json (1.8.2)
    json (1.8.2-java)
    json-schema (2.4.1)
    jwt (1.0.0)
    kaminari (0.16.1)
      actionpack (>= 3.0.0)
      activesupport (>= 3.0.0)
    libv8 (3.16.14.7)
    listen (2.7.12)
      celluloid (>= 0.15.2)
      rb-fsevent (>= 0.9.3)
      rb-inotify (>= 0.9)
    little-plugger (1.1.3)
    logging (1.8.2)
      little-plugger (>= 1.1.3)
      multi_json (>= 1.8.4)
    logstash-event (1.1.5)
    logstasher (0.6.1)
      logstash-event (~> 1.1.0)
      request_store
    lumberjack (1.0.9)
    mail (2.6.3)
      mime-types (>= 1.16, < 3)
    maven-tools (1.0.7)
      virtus (~> 1.0)
    method_source (0.8.2)
    mime-types (2.4.3)
    mini_portile (0.6.1)
    minitest (5.5.1)
    multi_json (1.10.1)
    multi_xml (0.5.5)
    multipart-post (2.0.0)
    mysql2 (0.3.17)
    nio4r (1.1.0)
    nio4r (1.1.0-java)
    nokogiri (1.6.4.1)
      mini_portile (~> 0.6.0)
    nokogiri (1.6.4.1-java)
    oauth2 (1.0.0)
      faraday (>= 0.8, < 0.10)
      jwt (~> 1.0)
      multi_json (~> 1.3)
      multi_xml (~> 0.5)
      rack (~> 1.2)
    omniauth (1.2.2)
      hashie (>= 1.2, < 4)
      rack (~> 1.0)
    omniauth-facebook (2.0.0)
      omniauth-oauth2 (~> 1.2)
    omniauth-gplus (2.0.1)
      omniauth-oauth2 (~> 1.1)
    omniauth-oauth2 (1.2.0)
      faraday (>= 0.8, < 0.10)
      multi_json (~> 1.3)
      oauth2 (~> 1.0)
      omniauth (~> 1.2)
    orm_adapter (0.5.0)
    paper_trail (3.0.6)
      activerecord (>= 3.0, < 5.0)
      activesupport (>= 3.0, < 5.0)
    pg (0.17.1)
    pg_array_parser (0.0.9)
    pg_array_parser (0.0.9-java)
    poseidon (0.0.4)
    postgres_ext (2.3.0)
      activerecord (>= 4.0.0)
      arel (>= 4.0.1)
      pg_array_parser (~> 0.0.9)
    pry (0.10.1)
      coderay (~> 1.1.0)
      method_source (~> 0.8.1)
      slop (~> 3.4)
    pry (0.10.1-java)
      coderay (~> 1.1.0)
      method_source (~> 0.8.1)
      slop (~> 3.4)
      spoon (~> 0.0)
    pry-rails (0.3.2)
      pry (>= 0.9.10)
    puma (2.9.2)
      rack (>= 1.1, < 2.0)
    puma (2.9.2-java)
      rack (>= 1.1, < 2.0)
    rack (1.5.2)
    rack-cors (0.2.9)
    rack-protection (1.5.3)
      rack
    rack-test (0.6.3)
      rack (>= 1.0)
    rails (4.1.7)
      actionmailer (= 4.1.7)
      actionpack (= 4.1.7)
      actionview (= 4.1.7)
      activemodel (= 4.1.7)
      activerecord (= 4.1.7)
      activesupport (= 4.1.7)
      bundler (>= 1.3.0, < 2.0)
      railties (= 4.1.7)
      sprockets-rails (~> 2.0)
    railties (4.1.7)
      actionpack (= 4.1.7)
      activesupport (= 4.1.7)
      rake (>= 0.8.7)
      thor (>= 0.18.1, < 2.0)
    rake (10.4.2)
    rb-fsevent (0.9.4)
    rb-inotify (0.9.5)
      ffi (>= 0.5.0)
    rdoc (4.1.2)
      json (~> 1.4)
    redis (3.1.0)
    redis-namespace (1.5.1)
      redis (~> 3.0, >= 3.0.4)
    ref (1.0.5)
    request_store (1.1.0)
    responders (1.1.2)
      railties (>= 3.2, < 4.2)
    rspec (3.0.0)
      rspec-core (~> 3.0.0)
      rspec-expectations (~> 3.0.0)
      rspec-mocks (~> 3.0.0)
    rspec-core (3.0.4)
      rspec-support (~> 3.0.0)
    rspec-expectations (3.0.4)
      diff-lcs (>= 1.2.0, < 2.0)
      rspec-support (~> 3.0.0)
    rspec-mocks (3.0.4)
      rspec-support (~> 3.0.0)
    rspec-rails (3.0.2)
      actionpack (>= 3.0)
      activesupport (>= 3.0)
      railties (>= 3.0)
      rspec-core (~> 3.0.0)
      rspec-expectations (~> 3.0.0)
      rspec-mocks (~> 3.0.0)
      rspec-support (~> 3.0.0)
    rspec-support (3.0.4)
    ruby-maven (3.1.1.0.8)
      maven-tools (~> 1.0.1)
      ruby-maven-libs (= 3.1.1)
    ruby-maven-libs (3.1.1)
    sdoc (0.4.1)
      json (~> 1.7, >= 1.7.7)
      rdoc (~> 4.0)
    sidekiq (3.2.4)
      celluloid (>= 0.15.2)
      connection_pool (>= 2.0.0)
      json
      redis (>= 3.0.6)
      redis-namespace (>= 1.3.1)
    sinatra (1.4.5)
      rack (~> 1.4)
      rack-protection (~> 1.4)
      tilt (~> 1.3, >= 1.3.4)
    slop (3.6.0)
    slyphon-log4j (1.2.15)
    slyphon-zookeeper_jar (3.3.5-java)
    spoon (0.0.4)
      ffi
    spring (1.1.3)
    spring-commands-rspec (1.0.2)
      spring (>= 0.9.1)
    sprockets (2.12.3)
      hike (~> 1.2)
      multi_json (~> 1.0)
      rack (~> 1.0)
      tilt (~> 1.1, != 1.3.0)
    sprockets-rails (2.2.0)
      actionpack (>= 3.0)
      activesupport (>= 3.0)
      sprockets (>= 2.8, < 4.0)
    therubyracer (0.12.1)
      libv8 (~> 3.16.14.0)
      ref
    therubyrhino (2.0.4)
      therubyrhino_jar (>= 1.7.3)
    therubyrhino_jar (1.7.4)
    thor (0.19.1)
    thread_safe (0.3.4)
    thread_safe (0.3.4-java)
    tilt (1.4.1)
    timers (4.0.1)
      hitimes
    tzinfo (1.2.2)
      thread_safe (~> 0.1)
    uglifier (2.5.3)
      execjs (>= 0.3.0)
      json (>= 1.8.0)
    versionist (1.3.0)
      rails (>= 3)
      yard (~> 0.7)
    virtus (1.0.4)
      axiom-types (~> 0.1)
      coercible (~> 1.0)
      descendants_tracker (~> 0.0, >= 0.0.3)
      equalizer (~> 0.0, >= 0.0.9)
    warden (1.2.3)
      rack (>= 1.0)
    yard (0.8.7.6)
    zk (1.9.5)
      logging (~> 1.8.2)
      zookeeper (~> 1.4.0)
    zookeeper (1.4.10)
    zookeeper (1.4.10-java)
      slyphon-log4j (= 1.2.15)
      slyphon-zookeeper_jar (= 3.3.5)

PLATFORMS
  java
  ruby

DEPENDENCIES
  activerecord-jdbcmysql-adapter
  activerecord-jdbcpostgresql-adapter
  aws-sdk
  cellect-client (~> 0.1.1)
  database_cleaner (~> 1.2.0)
  devise
  doorkeeper (~> 1.4.1)
  factory_girl_rails (~> 4.4.1)
  foreman
  guard-rspec (~> 4.2.9)
  honeybadger
  jbundler
  jquery-rails
  jruby-kafka!
  json-schema
  logstasher
  mysql2
  omniauth
  omniauth-facebook
  omniauth-gplus
  paper_trail
  pg
  poseidon
  postgres_ext
  pry-rails (~> 0.3.2)
  puma
  rack-cors
  rails (= 4.1.7)
  restpack_serializer!
  rspec (~> 3.0.0)
  rspec-rails (~> 3.0.0)
  sdoc (~> 0.4.0)
  sidekiq
  sinatra (>= 1.3.0)
  spring
  spring-commands-rspec (~> 1.0.2)
  therubyracer
  therubyrhino
  uglifier
  versionist
