GIT
  remote: git://github.com/zooniverse/restpack_serializer.git
  revision: a0c2bc4725dbdd86783f09c88054280e110da752
  branch: rails5
  specs:
    restpack_serializer (0.5.9)
      activerecord (>= 4.0.3, < 6.0)
      activesupport (>= 4.0.3, < 6.0)
      kaminari (~> 0.16.1)

GEM
  remote: https://rubygems.org/
  specs:
    actionmailer (4.2.10)
      actionpack (= 4.2.10)
      actionview (= 4.2.10)
      activejob (= 4.2.10)
      mail (~> 2.5, >= 2.5.4)
      rails-dom-testing (~> 1.0, >= 1.0.5)
    actionpack (4.2.10)
      actionview (= 4.2.10)
      activesupport (= 4.2.10)
      rack (~> 1.6)
      rack-test (~> 0.6.2)
      rails-dom-testing (~> 1.0, >= 1.0.5)
      rails-html-sanitizer (~> 1.0, >= 1.0.2)
    actionview (4.2.10)
      activesupport (= 4.2.10)
      builder (~> 3.1)
      erubis (~> 2.7.0)
      rails-dom-testing (~> 1.0, >= 1.0.5)
      rails-html-sanitizer (~> 1.0, >= 1.0.3)
    active_interaction (3.6.1)
      activemodel (>= 4, < 6)
    active_model_serializers (0.10.0.rc2)
      activemodel (>= 4.0)
    active_record_union (1.3.0)
      activerecord (>= 4.0)
    activejob (4.2.10)
      activesupport (= 4.2.10)
      globalid (>= 0.3.0)
    activemodel (4.2.10)
      activesupport (= 4.2.10)
      builder (~> 3.1)
    activerecord (4.2.10)
      activemodel (= 4.2.10)
      activesupport (= 4.2.10)
      arel (~> 6.0)
    activerecord-import (0.22.0)
      activerecord (>= 3.2)
    activesupport (4.2.10)
      i18n (~> 0.7)
      minitest (~> 5.1)
      thread_safe (~> 0.3, >= 0.3.4)
      tzinfo (~> 1.1)
    addressable (2.5.2)
      public_suffix (>= 2.0.2, < 4.0)
    aggregate (0.2.2)
    arel (6.0.4)
    attention (0.0.6)
      concurrent-ruby (~> 1.0.2)
      concurrent-ruby-ext (~> 1.0.2)
      connection_pool (~> 2)
      redis (~> 3)
      redis-namespace (~> 1.5)
    aws-sdk (2.10.89)
      aws-sdk-resources (= 2.10.89)
    aws-sdk-core (2.10.89)
      aws-sigv4 (~> 1.0)
      jmespath (~> 1.0)
    aws-sdk-resources (2.10.89)
      aws-sdk-core (= 2.10.89)
    aws-sigv4 (1.0.2)
    bcrypt (3.1.11)
    binding_of_caller (0.7.2)
      debug_inspector (>= 0.0.1)
    builder (3.2.3)
    byebug (9.1.0)
    cellect-client (3.0.2)
      attention (~> 0.0.4)
      http (~> 0.9)
      multi_json (~> 1.11)
    celluloid (0.17.3)
      celluloid-essentials
      celluloid-extras
      celluloid-fsm
      celluloid-pool
      celluloid-supervision
      timers (>= 4.1.1)
    celluloid-essentials (0.20.5)
      timers (>= 4.1.1)
    celluloid-extras (0.20.5)
      timers (>= 4.1.1)
    celluloid-fsm (0.20.5)
      timers (>= 4.1.1)
    celluloid-pool (0.20.5)
      timers (>= 4.1.1)
    celluloid-supervision (0.20.6)
      timers (>= 4.1.1)
    coderay (1.1.2)
    concurrent-ruby (1.0.5)
    concurrent-ruby-ext (1.0.5)
      concurrent-ruby (= 1.0.5)
    congestion (0.0.3)
      connection_pool (>= 2.0)
      redis (>= 3.1)
    connection_pool (2.2.1)
    crass (1.0.3)
    dalli (2.7.6)
    dalli-elasticache (0.2.0)
      dalli (>= 1.0.0)
    database_cleaner (1.6.2)
    debug_inspector (0.0.2)
    devise (4.3.0)
      bcrypt (~> 3.0)
      orm_adapter (~> 0.1)
      railties (>= 4.1.0, < 5.2)
      responders
      warden (~> 1.2.3)
    diff-lcs (1.3)
    domain_name (0.5.20170404)
      unf (>= 0.0.5, < 1.0.0)
    doorkeeper (4.2.6)
      railties (>= 4.2)
    doorkeeper-jwt (0.2.1)
      jwt (~> 1.5.2, >= 1.5.2)
    erubis (2.7.0)
    execjs (2.7.0)
    factory_bot (4.8.2)
      activesupport (>= 3.0.0)
    factory_bot_rails (4.8.2)
      factory_bot (~> 4.8.2)
      railties (>= 3.0.0)
    faraday (0.12.2)
      multipart-post (>= 1.2, < 3)
    faraday-http-cache (2.0.0)
      faraday (~> 0.8)
    faraday-panoptes (0.3.0)
      faraday (~> 0.9)
      faraday_middleware (~> 0.10)
    faraday_middleware (0.12.2)
      faraday (>= 0.7.4, < 1.0)
    ffi (1.9.18)
    fig_rake (0.9.3)
    flipper (0.9.2)
    flipper-active_record (0.9.2)
      activerecord (>= 3.2, < 6)
      flipper (~> 0.9.2)
    flipper-ui (0.9.2)
      erubis (~> 2.7.0)
      flipper (~> 0.9.2)
      rack (>= 1.4, < 3)
      rack-protection (>= 1.5.3, < 2.1.0)
    foreman (0.84.0)
      thor (~> 0.19.1)
    formatador (0.2.5)
    gelf (3.0.0)
      json
    globalid (0.4.0)
      activesupport (>= 4.2.0)
    graphiql-rails (1.4.8)
      rails
    graphql (1.7.9)
    guard (2.14.1)
      formatador (>= 0.2.4)
      listen (>= 2.7, < 4.0)
      lumberjack (~> 1.0)
      nenv (~> 0.1)
      notiffany (~> 0.0)
      pry (>= 0.9.12)
      shellany (~> 0.0)
      thor (>= 0.18.1)
    guard-compat (1.2.1)
    guard-rspec (4.7.3)
      guard (~> 2.1)
      guard-compat (~> 1.1)
      rspec (>= 2.99.0, < 4.0)
    hashdiff (0.3.7)
    hashie (3.5.7)
    hitimes (1.2.4)
    honeybadger (3.3.0)
    http (0.9.9)
      addressable (~> 2.3)
      http-cookie (~> 1.0)
      http-form_data (~> 1.0.1)
      http_parser.rb (~> 0.6.0)
    http-cookie (1.0.3)
      domain_name (~> 0.5)
    http-form_data (1.0.3)
    http_parser.rb (0.6.0)
    i18n (0.9.3)
      concurrent-ruby (~> 1.0)
    ice_cube (0.14.0)
    its-it (1.3.0)
    jmespath (1.3.1)
    jquery-rails (4.3.1)
      rails-dom-testing (>= 1, < 3)
      railties (>= 4.2.0)
      thor (>= 0.14, < 2.0)
    json (1.8.6)
    json-schema (2.8.0)
      addressable (>= 2.4)
    jwt (1.5.6)
    kaminari (0.16.3)
      actionpack (>= 3.0.0)
      activesupport (>= 3.0.0)
    key_struct (0.4.2)
    librato-metrics (2.1.2)
      aggregate (~> 0.2.2)
      faraday
    libv8 (3.16.14.19)
    listen (3.1.5)
      rb-fsevent (~> 0.9, >= 0.9.4)
      rb-inotify (~> 0.9, >= 0.9.7)
      ruby_dep (~> 1.2)
    logstash-event (1.2.02)
    logstasher (1.2.2)
      activesupport (>= 4.0)
      logstash-event (~> 1.2.0)
      request_store
    loofah (2.1.1)
      crass (~> 1.0.2)
      nokogiri (>= 1.5.9)
    lumberjack (1.0.11)
    mail (2.6.6)
      mime-types (>= 1.16, < 4)
    method_source (0.9.0)
    mime-types (3.1)
      mime-types-data (~> 3.2015)
    mime-types-data (3.2016.0521)
    mini_portile2 (2.3.0)
    minitest (5.11.3)
    mock_redis (0.17.3)
    modware (0.1.3)
      key_struct (~> 0.4)
    multi_json (1.13.1)
    multi_xml (0.6.0)
    multipart-post (2.0.0)
    nenv (0.3.0)
    newrelic_rpm (4.8.0.341)
    nokogiri (1.8.1)
      mini_portile2 (~> 2.3.0)
    notiffany (0.1.1)
      nenv (~> 0.1)
      shellany (~> 0.0)
    oauth2 (1.4.0)
      faraday (>= 0.8, < 0.13)
      jwt (~> 1.0)
      multi_json (~> 1.3)
      multi_xml (~> 0.5)
      rack (>= 1.2, < 3)
    omniauth (1.8.1)
      hashie (>= 3.4.6, < 3.6.0)
      rack (>= 1.6.2, < 3)
    omniauth-facebook (4.0.0)
      omniauth-oauth2 (~> 1.2)
    omniauth-google-oauth2 (0.5.3)
      jwt (>= 1.5)
      omniauth (>= 1.1.1)
      omniauth-oauth2 (>= 1.5)
    omniauth-oauth2 (1.5.0)
      oauth2 (~> 1.1)
      omniauth (~> 1.2)
    orm_adapter (0.5.0)
    p3p (2.0.0)
      rack (>= 1.6.2)
    panoptes-client (0.3.6)
      faraday
      faraday-panoptes (~> 0.3.0)
      jwt (~> 1.5.0)
    paper_trail (4.2.0)
      activerecord (>= 3.0, < 6.0)
      activesupport (>= 3.0, < 6.0)
      request_store (~> 1.1)
    pg (0.21.0)
    pg_array_parser (0.0.9)
    pg_search (2.1.2)
      activerecord (>= 4.2)
      activesupport (>= 4.2)
      arel (>= 6)
    postgres_ext (3.0.0)
      activerecord (>= 4.0.0)
      arel (>= 4.0.1)
      pg_array_parser (~> 0.0.9)
    pry (0.11.3)
      coderay (~> 1.1.0)
      method_source (~> 0.9.0)
    pry-byebug (3.5.1)
      byebug (~> 9.1)
      pry (~> 0.10)
    pry-rails (0.3.6)
      pry (>= 0.10.4)
    pry-stack_explorer (0.4.9.2)
      binding_of_caller (>= 0.7)
      pry (>= 0.9.11)
    public_suffix (3.0.1)
    puma (3.11.2)
    rack (1.6.8)
    rack-cors (0.4.1)
    rack-protection (2.0.0)
      rack
    rack-test (0.6.3)
      rack (>= 1.0)
    rails (4.2.10)
      actionmailer (= 4.2.10)
      actionpack (= 4.2.10)
      actionview (= 4.2.10)
      activejob (= 4.2.10)
      activemodel (= 4.2.10)
      activerecord (= 4.2.10)
      activesupport (= 4.2.10)
      bundler (>= 1.3.0, < 2.0)
      railties (= 4.2.10)
      sprockets-rails
    rails-deprecated_sanitizer (1.0.3)
      activesupport (>= 4.2.0.alpha)
    rails-dom-testing (1.0.9)
      activesupport (>= 4.2.0, < 5.0)
      nokogiri (~> 1.6)
      rails-deprecated_sanitizer (>= 1.0.1)
    rails-html-sanitizer (1.0.3)
      loofah (~> 2.0)
    railties (4.2.10)
      actionpack (= 4.2.10)
      activesupport (= 4.2.10)
      rake (>= 0.8.7)
      thor (>= 0.18.1, < 2.0)
    rake (12.3.0)
    ranked-model (0.4.0)
      activerecord (>= 3.1.12)
    rb-fsevent (0.9.8)
    rb-inotify (0.9.8)
      ffi (>= 0.5.0)
    rdoc (4.3.0)
    redis (3.3.5)
    redis-namespace (1.6.0)
      redis (>= 3.0.4)
    ref (2.0.0)
    request_store (1.3.2)
    responders (2.4.0)
      actionpack (>= 4.2.0, < 5.3)
      railties (>= 4.2.0, < 5.3)
    rspec (3.7.0)
      rspec-core (~> 3.7.0)
      rspec-expectations (~> 3.7.0)
      rspec-mocks (~> 3.7.0)
    rspec-core (3.7.0)
      rspec-support (~> 3.7.0)
    rspec-expectations (3.7.0)
      diff-lcs (>= 1.2.0, < 2.0)
      rspec-support (~> 3.7.0)
    rspec-mocks (3.7.0)
      diff-lcs (>= 1.2.0, < 2.0)
      rspec-support (~> 3.7.0)
    rspec-rails (3.7.2)
      actionpack (>= 3.0)
      activesupport (>= 3.0)
      railties (>= 3.0)
      rspec-core (~> 3.7.0)
      rspec-expectations (~> 3.7.0)
      rspec-mocks (~> 3.7.0)
      rspec-support (~> 3.7.0)
    rspec-support (3.7.0)
    ruby_dep (1.5.0)
    schema_monkey (2.1.5)
      activerecord (>= 4.2)
      modware (~> 0.1)
    schema_plus_core (1.0.2)
      activerecord (~> 4.2)
      its-it (~> 1.2)
      schema_monkey (~> 2.1)
    schema_plus_indexes (0.2.4)
      activerecord (>= 4.2, < 5.1)
      its-it (~> 1.2)
      schema_plus_core
    schema_plus_pg_indexes (0.1.12)
      activerecord (~> 4.2)
      its-it (~> 1.2)
      schema_plus_core (~> 1.0)
      schema_plus_indexes (~> 0.1, >= 0.1.3)
    scientist (1.1.0)
    sdoc (0.4.2)
      json (~> 1.7, >= 1.7.7)
      rdoc (~> 4.0)
    semantic_logger (4.2.0)
      concurrent-ruby (~> 1.0)
    shellany (0.0.1)
    sidekiq (5.0.5)
      concurrent-ruby (~> 1.0)
      connection_pool (~> 2.2, >= 2.2.0)
      rack-protection (>= 1.5.0)
      redis (>= 3.3.4, < 5)
    sidekiq-congestion (0.1.0)
      congestion (~> 0.0.3)
      sidekiq (>= 3.0)
    sidekiq-unique-jobs (5.0.10)
      sidekiq (>= 4.0, <= 6.0)
      thor (~> 0)
    sidetiq (0.7.2)
      celluloid (>= 0.17.3)
      ice_cube (~> 0.14.0)
      sidekiq (>= 4.1.0)
    slavery (3.0.0)
      activerecord (>= 3.0.0)
    spring (2.0.2)
      activesupport (>= 4.2)
    spring-commands-rspec (1.0.4)
      spring (>= 0.9.1)
    sprockets (3.7.1)
      concurrent-ruby (~> 1.0)
      rack (> 1, < 3)
    sprockets-rails (3.2.1)
      actionpack (>= 4.0)
      activesupport (>= 4.0)
      sprockets (>= 3.0.0)
    stringex (2.8.2)
    therubyracer (0.12.3)
      libv8 (~> 3.16.14.15)
      ref
    thor (0.19.4)
    thread_safe (0.3.6)
    timers (4.1.2)
      hitimes
    tzinfo (1.2.4)
      thread_safe (~> 0.1)
    uglifier (4.1.5)
      execjs (>= 0.3.0, < 3)
    unf (0.1.4)
      unf_ext
    unf_ext (0.0.7.5)
    versionist (1.7.0)
      activesupport (>= 3)
      railties (>= 3)
      yard (~> 0.9.11)
    warden (1.2.7)
      rack (>= 1.0)
    yard (0.9.12)
    zoo_stream (1.0.1)
      aws-sdk

PLATFORMS
  ruby

DEPENDENCIES
  active_interaction (~> 3.6.1)
  active_model_serializers (= 0.10.0.rc2)
  active_record_union (~> 1.3.0)
  activerecord-import (~> 0.22)
  aws-sdk (~> 2.10)
  cellect-client (~> 3.0.2)
  dalli-elasticache
  database_cleaner (~> 1.6.2)
  devise (~> 4.3)
  doorkeeper (~> 4.2)
  doorkeeper-jwt (~> 0.2.1)
  factory_bot_rails
  faraday (~> 0.9)
  faraday-http-cache (~> 2.0)
  faraday_middleware (~> 0.12)
  fig_rake (~> 0.9.3)
  flipper
  flipper-active_record
  flipper-ui
  foreman
  gelf
  graphiql-rails
  graphql
  guard-rspec
  hashdiff
  honeybadger (~> 3.3)
  jquery-rails (~> 4.3)
  json-schema (~> 2.8)
  librato-metrics (~> 2.1.2)
  logstasher (~> 1.2)
  mime-types
  mock_redis
  newrelic_rpm
  oauth2
  omniauth (~> 1.8)
  omniauth-facebook (~> 4.0)
  omniauth-google-oauth2
  p3p (~> 2.0)
  panoptes-client
  paper_trail (~> 4.0)
  pg (~> 0.21)
  pg_search
  postgres_ext (~> 3.0.0)
  pry-byebug
  pry-rails
  pry-stack_explorer
  puma (~> 3.11.2)
  rack-cors (~> 0.4)
  rails (~> 4.2.10)
  ranked-model (~> 0.4.0)
  restpack_serializer!
  rspec
  rspec-rails
  schema_plus_pg_indexes (~> 0.1)
  scientist (~> 1.1.0)
  sdoc (~> 0.4.2)
  semantic_logger (~> 4.2.0)
  sidekiq (~> 5.0.5)
  sidekiq-congestion (~> 0.1.0)
  sidekiq-unique-jobs
  sidetiq (~> 0.7)
  slavery
  spring
  spring-commands-rspec
  stringex (~> 2.8)
  therubyracer (~> 0.12)
  uglifier (~> 4.1)
  versionist (~> 1.6)
  zoo_stream (~> 1.0.1)

BUNDLED WITH
   1.16.1
